GEM
  remote: http://rubygems.org/
  specs:
    docile (1.1.5)
    multi_json (1.10.1)
    pg (0.17.1)
    simplecov (0.9.1)
      docile (~> 1.1.0)
      multi_json (~> 1.0)
      simplecov-html (~> 0.8.0)
    simplecov-html (0.8.0)
    statsd-ruby (1.2.1)

PLATFORMS
  ruby

DEPENDENCIES
  pg
  simplecov
  statsd-ruby
